GIT
  remote: https://github.com/sinatra/sinatra.git
  revision: 815b69fe2510930de97a89f9318fcfa35165e96e
  specs:
    rack-protection (3.0.0)
      rack
    sinatra (3.0.0)
      mustermann (~> 3.0)
      rack (~> 2.2, >= 2.2.4)
      rack-protection (= 3.0.0)
      tilt (~> 2.0)

GEM
  remote: https://rubygems.org/
  specs:
    mustermann (3.0.0)
      ruby2_keywords (~> 0.0.1)
    rack (2.2.4)
    rack-test (1.1.0)
      rack (>= 1.0, < 3)
    ruby2_keywords (0.0.5)
    tilt (2.0.11)

PLATFORMS
  universal-darwin-20
  x86_64-linux

DEPENDENCIES
  rack-test (~> 1.1)
  sinatra!

BUNDLED WITH
   2.2.23
